GEM
  remote: https://rubygems.org/
  specs:
    coderay (1.1.2)
    method_source (0.9.0)
    minitest (5.11.3)
    minitest-filesystem (1.2.0)
    pry (0.11.3)
      coderay (~> 1.1.0)
      method_source (~> 0.9.0)
    pry-doc (0.12.0)
      pry (~> 0.9)
      yard (~> 0.9)
    yard (0.9.36)

PLATFORMS
  ruby

DEPENDENCIES
  minitest
  minitest-filesystem
  pry
  pry-doc

BUNDLED WITH
   1.16.1
